GEM
  remote: https://rubygems.org/
  specs:
    rmagick (2.13.2)
    thor (0.19.1)

PLATFORMS
  ruby

DEPENDENCIES
  rmagick
  thor
